PATH
  remote: .
  specs:
    japanese_numbers (0.1.0)

GEM
  remote: https://rubygems.org/
  specs:
    minitest (5.14.4)
    rake (13.0.3)

PLATFORMS
  ruby

DEPENDENCIES
  bundler (~> 2.2)
  japanese_numbers!
  minitest (~> 5.14.4)
  rake (~> 13.0)

BUNDLED WITH
   2.2.16
