PATH
  remote: .
  specs:
    japanese_numbers (0.1.0)

GEM
  remote: https://rubygems.org/
  specs:
    rake (10.5.0)

PLATFORMS
  ruby

DEPENDENCIES
  bundler (~> 1.16)
  japanese_numbers!
  rake (~> 10.0)

BUNDLED WITH
   2.2.16
